GIT
  remote: git://github.com/davidkus/sinatra-param.git
  revision: 68c82da296f2ad9f410b00dd64cfe195bb71d9d2
  specs:
    sinatra-param (1.6.0)
      sinatra (>= 1.3)

GEM
  remote: https://rubygems.org/
  specs:
    byebug (11.1.1)
    codeclimate-test-reporter (1.0.7)
      simplecov
    diff-lcs (1.3)
    docile (1.3.2)
    fuubar (2.5.0)
      rspec-core (~> 3.0)
      ruby-progressbar (~> 1.4)
    json (2.3.0)
    nio4r (2.5.2)
    puma (4.3.3)
      nio4r (~> 2.0)
    rack (1.6.13)
    rack-protection (1.5.5)
      rack
    rack-test (1.1.0)
      rack (>= 1.0, < 3)
    require_all (3.0.0)
    rmagick (2.16.0)
    rspec (3.9.0)
      rspec-core (~> 3.9.0)
      rspec-expectations (~> 3.9.0)
      rspec-mocks (~> 3.9.0)
    rspec-core (3.9.1)
      rspec-support (~> 3.9.1)
    rspec-expectations (3.9.0)
      diff-lcs (>= 1.2.0, < 2.0)
      rspec-support (~> 3.9.0)
    rspec-mocks (3.9.1)
      diff-lcs (>= 1.2.0, < 2.0)
      rspec-support (~> 3.9.0)
    rspec-support (3.9.2)
    ruby-progressbar (1.10.1)
    simplecov (0.17.1)
      docile (~> 1.1)
      json (>= 1.8, < 3)
      simplecov-html (~> 0.10.0)
    simplecov-html (0.10.2)
    sinatra (1.4.8)
      rack (~> 1.5)
      rack-protection (~> 1.4)
      tilt (>= 1.3, < 3)
    tilt (2.0.10)

PLATFORMS
  ruby

DEPENDENCIES
  byebug
  codeclimate-test-reporter
  fuubar
  puma (= 4.3.3)
  rack (= 1.6.13)
  rack-test
  require_all (~> 3.0)
  rmagick (= 2.16.0)
  rspec
  simplecov (= 0.17.1)
  sinatra (= 1.4.8)
  sinatra-param!

RUBY VERSION
   ruby 2.6.5p114

BUNDLED WITH
   1.17.3
