GIT
  remote: https://github.com/davidkus/sinatra-param.git
  revision: 68c82da296f2ad9f410b00dd64cfe195bb71d9d2
  specs:
    sinatra-param (1.6.0)
      sinatra (>= 1.3)

GEM
  remote: https://rubygems.org/
  specs:
    byebug (11.1.3)
    codeclimate-test-reporter (1.0.7)
      simplecov
    diff-lcs (1.5.0)
    docile (1.4.0)
    fuubar (2.5.1)
      rspec-core (~> 3.0)
      ruby-progressbar (~> 1.4)
    mustermann (1.1.1)
      ruby2_keywords (~> 0.0.1)
    nio4r (2.5.8)
    puma (5.6.4)
      nio4r (~> 2.0)
    rack (2.2.3)
    rack-protection (2.2.0)
      rack
    rack-test (1.1.0)
      rack (>= 1.0, < 3)
    require_all (3.0.0)
    rmagick (4.2.3)
    rspec (3.10.0)
      rspec-core (~> 3.10.0)
      rspec-expectations (~> 3.10.0)
      rspec-mocks (~> 3.10.0)
    rspec-core (3.10.1)
      rspec-support (~> 3.10.0)
    rspec-expectations (3.10.1)
      diff-lcs (>= 1.2.0, < 2.0)
      rspec-support (~> 3.10.0)
    rspec-mocks (3.10.2)
      diff-lcs (>= 1.2.0, < 2.0)
      rspec-support (~> 3.10.0)
    rspec-support (3.10.3)
    ruby-progressbar (1.11.0)
    ruby2_keywords (0.0.5)
    simplecov (0.21.2)
      docile (~> 1.1)
      simplecov-html (~> 0.11)
      simplecov_json_formatter (~> 0.1)
    simplecov-html (0.12.3)
    simplecov_json_formatter (0.1.3)
    sinatra (2.2.0)
      mustermann (~> 1.0)
      rack (~> 2.2)
      rack-protection (= 2.2.0)
      tilt (~> 2.0)
    tilt (2.0.10)

PLATFORMS
  arm64-darwin-21
  x86_64-linux

DEPENDENCIES
  byebug
  codeclimate-test-reporter
  fuubar
  puma (= 5.6.4)
  rack (= 2.2.3)
  rack-test
  require_all (~> 3.0)
  rmagick (= 4.2.3)
  rspec
  simplecov (= 0.21.2)
  sinatra (= 2.2.0)
  sinatra-param!

RUBY VERSION
   ruby 3.1.0p0

BUNDLED WITH
   2.3.3
